GIT
  remote: git://github.com/jkaramon/mongomapper.git
  revision: 9b344c8e3933a13c38175a191153afc1539da2fc
  branch: rails3
  specs:
    mongo_mapper (0.8.2)
      activemodel (~> 3.0.0)
      activesupport (~> 3.0.0)
      plucky (~> 0.3.1)

PATH
  remote: .
  specs:
    common (0.0.1)

GEM
  remote: http://rubygems.org/
  specs:
    activemodel (3.0.1)
      activesupport (= 3.0.1)
      builder (~> 2.1.2)
      i18n (~> 0.4.1)
    activesupport (3.0.1)
    archive-tar-minitar (0.5.2)
    bson (1.0.4)
    bson_ext (1.0.4)
    builder (2.1.2)
    columnize (0.3.1)
    diff-lcs (1.1.2)
    i18n (0.4.2)
    linecache19 (0.5.11)
      ruby_core_source (>= 0.1.4)
    mongo (1.0.7)
      bson (>= 1.0.4)
    plucky (0.3.4)
      mongo (~> 1.0.7)
    rspec (2.1.0)
      rspec-core (~> 2.1.0)
      rspec-expectations (~> 2.1.0)
      rspec-mocks (~> 2.1.0)
    rspec-core (2.1.0)
    rspec-expectations (2.1.0)
      diff-lcs (~> 1.1.2)
    rspec-mocks (2.1.0)
    ruby-debug-base19 (0.11.24)
      columnize (>= 0.3.1)
      linecache19 (>= 0.5.11)
      ruby_core_source (>= 0.1.4)
    ruby-debug19 (0.11.6)
      columnize (>= 0.3.1)
      linecache19 (>= 0.5.11)
      ruby-debug-base19 (>= 0.11.19)
    ruby_core_source (0.1.4)
      archive-tar-minitar (>= 0.5.2)
    watchr (0.7)

PLATFORMS
  ruby

DEPENDENCIES
  bson (= 1.0.4)
  bson_ext (= 1.0.4)
  bundler (>= 1.0.0)
  common!
  mongo (= 1.0.7)
  mongo_mapper!
  rspec
  ruby-debug19
  watchr
